GEM
  remote: https://rubygems.org/
  specs:
    addressable (2.6.0)
      public_suffix (>= 2.0.2, < 4.0)
    ast (2.4.0)
    diff-lcs (1.3)
    facter (2.5.1)
    fast_gettext (1.1.2)
    hiera (3.5.0)
    jaro_winkler (1.5.3)
    json-schema (2.8.1)
      addressable (>= 2.4)
    locale (2.1.2)
    metaclass (0.0.4)
    metadata-json-lint (2.2.0)
      json-schema (~> 2.8)
      spdx-licenses (~> 1.0)
    mocha (1.9.0)
      metaclass (~> 0.0.1)
    multi_json (1.13.1)
    parallel (1.17.0)
    parser (2.6.3.0)
      ast (~> 2.4.0)
    pathspec (0.2.1)
    public_suffix (3.1.1)
    puppet (5.5.6)
      facter (> 2.0.1, < 4)
      fast_gettext (~> 1.1.2)
      hiera (>= 3.2.1, < 4)
      locale (~> 2.1)
      multi_json (~> 1.10)
    puppet-lint (2.3.6)
    puppet-syntax (2.5.0)
      rake
    puppetlabs_spec_helper (2.14.1)
      mocha (~> 1.0)
      pathspec (~> 0.2.1)
      puppet-lint (~> 2.0)
      puppet-syntax (~> 2.0)
      rspec-puppet (~> 2.0)
    rainbow (3.0.0)
    rake (12.3.3)
    rspec (3.8.0)
      rspec-core (~> 3.8.0)
      rspec-expectations (~> 3.8.0)
      rspec-mocks (~> 3.8.0)
    rspec-core (3.8.2)
      rspec-support (~> 3.8.0)
    rspec-expectations (3.8.4)
      diff-lcs (>= 1.2.0, < 2.0)
      rspec-support (~> 3.8.0)
    rspec-mocks (3.8.1)
      diff-lcs (>= 1.2.0, < 2.0)
      rspec-support (~> 3.8.0)
    rspec-puppet (2.7.5)
      rspec
    rspec-support (3.8.2)
    rubocop (0.69.0)
      jaro_winkler (~> 1.5.1)
      parallel (~> 1.10)
      parser (>= 2.6)
      rainbow (>= 2.2.2, < 4.0)
      ruby-progressbar (~> 1.7)
      unicode-display_width (>= 1.4.0, < 1.7)
    ruby-progressbar (1.10.1)
    spdx-licenses (1.2.0)
    unicode-display_width (1.6.0)

PLATFORMS
  ruby

DEPENDENCIES
  facter (= 2.5.1)
  metadata-json-lint (= 2.2.0)
  puppet (= 5.5.6)
  puppet-lint (= 2.3.6)
  puppetlabs_spec_helper (= 2.14.1)
  rake (= 12.3.3)
  rubocop (= 0.69.0)

BUNDLED WITH
   1.17.3
